GIT
  remote: git://github.com/trinidad/trinidad.git
  revision: 2e98163cf2a68a5b06fe5f1a278c249abce92428
  specs:
    trinidad (1.3.3)
      jruby-rack (>= 1.1.1)
      trinidad_jars (>= 1.0.1)
    trinidad_jars (1.0.2)

GEM
  specs:
    jruby-rack (1.1.3)
    json (1.6.5-java)
    multi_json (1.0.4)
    rack (1.4.1)
    rack-protection (1.2.0)
      rack
    rake (0.9.2.2)
    redis (2.2.2)
    redis-namespace (1.0.3)
      redis (< 3.0.0)
    resque (1.19.0)
      multi_json (~> 1.0)
      redis-namespace (~> 1.0.2)
      sinatra (>= 0.9.2)
      vegas (~> 0.1.2)
    sinatra (1.3.2)
      rack (~> 1.3, >= 1.3.6)
      rack-protection (~> 1.2)
      tilt (~> 1.3, >= 1.3.3)
    tilt (1.3.3)
    trinidad_resque_extension (0.1.1)
      rake
      resque
      trinidad
    vegas (0.1.11)
      rack (>= 1.0.0)

PLATFORMS
  java

DEPENDENCIES
  json
  trinidad!
  trinidad_resque_extension
